PATH
  remote: .
  specs:
    iseberg (0.1.0)
      faraday (~> 0.15)
      json

GEM
  remote: https://rubygems.org/
  specs:
    diff-lcs (1.3)
    faraday (0.15.4)
      multipart-post (>= 1.2, < 3)
    json (2.1.0)
    multipart-post (2.1.1)
    rake (13.0.1)
    rspec (3.8.0)
      rspec-core (~> 3.8.0)
      rspec-expectations (~> 3.8.0)
      rspec-mocks (~> 3.8.0)
    rspec-core (3.8.0)
      rspec-support (~> 3.8.0)
    rspec-expectations (3.8.4)
      diff-lcs (>= 1.2.0, < 2.0)
      rspec-support (~> 3.8.0)
    rspec-mocks (3.8.0)
      diff-lcs (>= 1.2.0, < 2.0)
      rspec-support (~> 3.8.0)
    rspec-support (3.8.2)

PLATFORMS
  ruby

DEPENDENCIES
  bundler (~> 2.0)
  iseberg!
  rake (~> 13.0)
  rspec (~> 3.0)

BUNDLED WITH
   2.0.1
